GEM
  remote: https://rubygems.org/
  specs:
    ast (2.4.2)
    awesome_print (1.9.2)
    debug (1.8.0)
      irb (>= 1.5.0)
      reline (>= 0.3.1)
    dotenv (2.8.1)
    dry-cli (1.0.0)
    faraday (2.13.1)
      faraday-net_http (>= 2.0, < 3.5)
      json
      logger
    faraday-multipart (1.1.0)
      multipart-post (~> 2.0)
    faraday-net_http (3.4.0)
      net-http (>= 0.5.0)
    io-console (0.6.0)
    irb (1.10.0)
      rdoc
      reline (>= 0.3.8)
    json (2.7.1)
    language_server-protocol (3.17.0.3)
    logger (1.7.0)
    marcel (1.0.4)
    moneykit (0.2.2)
      faraday (>= 1.0.1, < 3.0)
      faraday-multipart
      marcel
    multipart-post (2.4.1)
    net-http (0.6.0)
      uri
    parallel (1.23.0)
    parser (3.2.2.4)
      ast (~> 2.4.1)
      racc
    psych (5.1.2)
      stringio
    racc (1.7.3)
    rainbow (3.1.1)
    rdoc (6.6.3.1)
      psych (>= 4.0.0)
    regexp_parser (2.8.3)
    reline (0.4.1)
      io-console (~> 0.5)
    rexml (3.3.9)
    rubocop (1.58.0)
      json (~> 2.3)
      language_server-protocol (>= 3.17.0)
      parallel (~> 1.10)
      parser (>= 3.2.2.4)
      rainbow (>= 2.2.2, < 4.0)
      regexp_parser (>= 1.8, < 3.0)
      rexml (>= 3.2.5, < 4.0)
      rubocop-ast (>= 1.30.0, < 2.0)
      ruby-progressbar (~> 1.7)
      unicode-display_width (>= 2.4.0, < 3.0)
    rubocop-ast (1.30.0)
      parser (>= 3.2.1.0)
    ruby-progressbar (1.13.0)
    sinatra-cors (1.2.0)
    stringio (3.1.0)
    unicode-display_width (2.5.0)
    uri (1.0.3)

PLATFORMS
  aarch64-linux
  arm64-darwin-21
  arm64-darwin-24
  x86_64-linux

DEPENDENCIES
  awesome_print (~> 1.9)
  debug (~> 1.7)
  dotenv (~> 2.8)
  dry-cli (~> 1.0)
  moneykit (~> 0.2.2)
  rubocop (~> 1.50)
  sinatra-cors (~> 1.2)

BUNDLED WITH
   2.4.10
